PATH
  remote: .
  specs:
    lhm-shopify (3.5.5)
      retriable (>= 3.0.0)

GEM
  remote: https://rubygems.org/
  specs:
    activemodel (6.1.4.1)
      activesupport (= 6.1.4.1)
    activerecord (6.1.4.1)
      activemodel (= 6.1.4.1)
      activesupport (= 6.1.4.1)
    activesupport (6.1.4.1)
      concurrent-ruby (~> 1.0, >= 1.0.2)
      i18n (>= 1.6, < 2)
      minitest (>= 5.1)
      tzinfo (~> 2.0)
      zeitwerk (~> 2.3)
    after_do (0.4.0)
    appraisal (2.4.1)
      bundler
      rake
      thor (>= 0.14.0)
    byebug (11.1.3)
    concurrent-ruby (1.1.9)
    docile (1.4.0)
    i18n (1.8.11)
      concurrent-ruby (~> 1.0)
    minitest (5.14.4)
    mocha (1.13.0)
    mysql2 (0.5.3)
    rake (13.0.6)
    retriable (3.1.2)
    simplecov (0.21.2)
      docile (~> 1.1)
      simplecov-html (~> 0.11)
      simplecov_json_formatter (~> 0.1)
    simplecov-html (0.12.3)
    simplecov_json_formatter (0.1.3)
    thor (1.1.0)
    toxiproxy (2.0.0)
    tzinfo (2.0.4)
      concurrent-ruby (~> 1.0)
    zeitwerk (2.5.1)

PLATFORMS
  arm64-darwin-21
  arm64-darwin-22
  x86_64-darwin-20
  x86_64-linux

DEPENDENCIES
  activerecord
  after_do
  appraisal
  byebug
  lhm-shopify!
  minitest
  mocha
  mysql2
  rake
  simplecov
  toxiproxy

BUNDLED WITH
   2.2.22
